GEM
  remote: https://rubygems.org/
  specs:
    concurrent-ruby (1.0.5)
    faker (1.9.1)
      i18n (>= 0.7)
    i18n (1.1.0)
      concurrent-ruby (~> 1.0)
    json (2.1.0)
    mustermann (1.0.3)
    rack (2.0.5)
    rack-protection (2.0.3)
      rack
    sinatra (2.0.3)
      mustermann (~> 1.0)
      rack (~> 2.0)
      rack-protection (= 2.0.3)
      tilt (~> 2.0)
    tilt (2.0.8)

PLATFORMS
  ruby

DEPENDENCIES
  faker
  json
  sinatra

BUNDLED WITH
   1.16.2
